FRAMEWORK: >= NET46
NUGET
  remote: https://www.nuget.org/api/v2
    FSharp.Configuration (0.6.4)
    FSharp.Core (4.0.0.1)
    NUnit (3.5)
    Unquote (3.1.2)
